RESTRICTION: >= net45
NUGET
  remote: https://www.nuget.org/api/v2
    ExcelDataReader (2.1.2.3)
      SharpZipLib (>= 0.86)
    FSharp.Core (4.1.17)
      System.Collections (>= 4.0.11) - restriction: && (>= net45) (>= netstandard1.6)
      System.Console (>= 4.0) - restriction: && (>= net45) (>= netstandard1.6)
      System.Diagnostics.Debug (>= 4.0.11) - restriction: && (>= net45) (>= netstandard1.6)
      System.Diagnostics.Tools (>= 4.0.1) - restriction: && (>= net45) (>= netstandard1.6)
      System.Globalization (>= 4.0.11) - restriction: && (>= net45) (>= netstandard1.6)
      System.IO (>= 4.1) - restriction: && (>= net45) (>= netstandard1.6)
      System.Linq (>= 4.1) - restriction: && (>= net45) (>= netstandard1.6)
      System.Linq.Expressions (>= 4.1) - restriction: && (>= net45) (>= netstandard1.6)
      System.Linq.Queryable (>= 4.0.1) - restriction: && (>= net45) (>= netstandard1.6)
      System.Net.Requests (>= 4.0.11) - restriction: && (>= net45) (>= netstandard1.6)
      System.Reflection (>= 4.1) - restriction: && (>= net45) (>= netstandard1.6)
      System.Reflection.Extensions (>= 4.0.1) - restriction: && (>= net45) (>= netstandard1.6)
      System.Resources.ResourceManager (>= 4.0.1) - restriction: && (>= net45) (>= netstandard1.6)
      System.Runtime (>= 4.1) - restriction: && (>= net45) (>= netstandard1.6)
      System.Runtime.Extensions (>= 4.1) - restriction: && (>= net45) (>= netstandard1.6)
      System.Runtime.Numerics (>= 4.0.1) - restriction: && (>= net45) (>= netstandard1.6)
      System.Text.RegularExpressions (>= 4.1) - restriction: && (>= net45) (>= netstandard1.6)
      System.Threading (>= 4.0.11) - restriction: && (>= net45) (>= netstandard1.6)
      System.Threading.Tasks (>= 4.0.11) - restriction: && (>= net45) (>= netstandard1.6)
      System.Threading.Tasks.Parallel (>= 4.0.1) - restriction: && (>= net45) (>= netstandard1.6)
      System.Threading.Thread (>= 4.0) - restriction: && (>= net45) (>= netstandard1.6)
      System.Threading.ThreadPool (>= 4.0.10) - restriction: && (>= net45) (>= netstandard1.6)
      System.Threading.Timer (>= 4.0.1) - restriction: && (>= net45) (>= netstandard1.6)
      System.ValueTuple (>= 4.3) - restriction: && (>= net45) (< netstandard1.6)
    SharpZipLib (1.0)
    System.Collections (4.3) - restriction: && (>= net45) (>= netstandard1.6)
    System.Console (4.3.1) - restriction: && (>= net45) (>= netstandard1.6)
    System.Diagnostics.Debug (4.3) - restriction: && (>= net45) (>= netstandard1.6)
    System.Diagnostics.Tools (4.3) - restriction: && (>= net45) (>= netstandard1.6)
    System.Globalization (4.3) - restriction: && (>= net45) (>= netstandard1.6)
    System.IO (4.3) - restriction: && (>= net45) (>= netstandard1.6)
    System.Linq (4.3) - restriction: && (>= net45) (>= netstandard1.6)
    System.Linq.Expressions (4.3) - restriction: && (>= net45) (>= netstandard1.6)
    System.Linq.Queryable (4.3) - restriction: && (>= net45) (>= netstandard1.6)
    System.Net.Requests (4.3) - restriction: && (>= net45) (>= netstandard1.6)
    System.Reflection (4.3) - restriction: && (>= net45) (>= netstandard1.6)
    System.Reflection.Extensions (4.3) - restriction: && (>= net45) (>= netstandard1.6)
    System.Resources.ResourceManager (4.3) - restriction: && (>= net45) (>= netstandard1.6)
    System.Runtime (4.3) - restriction: && (>= net45) (>= netstandard1.6)
    System.Runtime.Extensions (4.3) - restriction: && (>= net45) (>= netstandard1.6)
    System.Runtime.Numerics (4.3) - restriction: && (>= net45) (>= netstandard1.6)
    System.Text.RegularExpressions (4.3) - restriction: && (>= net45) (>= netstandard1.6)
    System.Threading (4.3) - restriction: && (>= net45) (>= netstandard1.6)
    System.Threading.Tasks (4.3) - restriction: && (>= net45) (>= netstandard1.6)
    System.Threading.Tasks.Parallel (4.3) - restriction: && (>= net45) (>= netstandard1.6)
    System.Threading.Thread (4.3) - restriction: && (>= net45) (>= netstandard1.6)
    System.Threading.ThreadPool (4.3) - restriction: && (>= net45) (>= netstandard1.6)
    System.Threading.Timer (4.3) - restriction: && (>= net45) (>= netstandard1.6)
    System.ValueTuple (4.5) - restriction: && (>= net45) (< netstandard1.6)
GITHUB
  remote: fsprojects/FSharp.TypeProviders.SDK
    src/ProvidedTypes.fs (d50b7556cc57c403cd53bd1116027450d60c72db)
    src/ProvidedTypes.fsi (d50b7556cc57c403cd53bd1116027450d60c72db)
GROUP Build
RESTRICTION: == net45
NUGET
  remote: https://www.nuget.org/api/v2
    FAKE (4.64.13)
    FSharp.Compiler.Service (2.0.0.6)
    FSharp.Formatting (2.14.4)
      FSharp.Compiler.Service (2.0.0.6)
      FSharpVSPowerTools.Core (>= 2.3 < 2.4)
    FSharpVSPowerTools.Core (2.3)
      FSharp.Compiler.Service (>= 2.0.0.3)
    Octokit (0.31)
    SourceLink.Fake (1.1)
GITHUB
  remote: fsharp/FAKE
    modules/Octokit/Octokit.fsx (1fe6a9d37a67c975eb36cbc88b7eab9a098247f1)
      Octokit (>= 0.20)
GROUP Test
RESTRICTION: == net461
NUGET
  remote: https://www.nuget.org/api/v2
    FSharp.Core (4.3.4)
    NUnit (3.6.1)
    NUnit.Console (3.6.1)
      NUnit.ConsoleRunner (>= 3.6.1)
      NUnit.Extension.NUnitProjectLoader (>= 3.5)
      NUnit.Extension.NUnitV2Driver (>= 3.6)
      NUnit.Extension.NUnitV2ResultWriter (>= 3.5)
      NUnit.Extension.TeamCityEventListener (>= 1.0.2)
      NUnit.Extension.VSProjectLoader (>= 3.5)
    NUnit.ConsoleRunner (3.9)
    NUnit.Extension.NUnitProjectLoader (3.6)
    NUnit.Extension.NUnitV2Driver (3.7)
    NUnit.Extension.NUnitV2ResultWriter (3.6)
    NUnit.Extension.TeamCityEventListener (1.0.4)
    NUnit.Extension.VSProjectLoader (3.8)
    NUnit3TestAdapter (3.7.0) - version_in_path: true
GITHUB
  remote: fsprojects/FsUnit
    src/FsUnit.NUnit/FsUnit.fs (bd259f8dbbb1dc0f4618c5ce211bf144fe01d817)